GEM
  remote: https://rubygems.org/
  specs:
    artifactory (3.0.12)
    diff-lcs (1.3)
    kitchen-ansible (0.50.1)
      net-ssh (>= 3)
      test-kitchen (>= 1.4)
    kitchen-docker (2.9.0)
      test-kitchen (>= 1.0.0)
    kitchen-verifier-serverspec (0.7.0)
      net-ssh (>= 3)
      test-kitchen (>= 1.4)
    mixlib-install (1.2.4)
      artifactory
      mixlib-shellout
      mixlib-versioning
    mixlib-shellout (2.4.4)
    mixlib-versioning (1.2.12)
    multi_json (1.14.1)
    net-scp (1.2.1)
      net-ssh (>= 2.6.5)
    net-ssh (3.2.0)
    net-telnet (0.1.1)
    rspec (3.9.0)
      rspec-core (~> 3.9.0)
      rspec-expectations (~> 3.9.0)
      rspec-mocks (~> 3.9.0)
    rspec-core (3.9.1)
      rspec-support (~> 3.9.1)
    rspec-expectations (3.9.0)
      diff-lcs (>= 1.2.0, < 2.0)
      rspec-support (~> 3.9.0)
    rspec-its (1.3.0)
      rspec-core (>= 3.0.0)
      rspec-expectations (>= 3.0.0)
    rspec-mocks (3.9.1)
      diff-lcs (>= 1.2.0, < 2.0)
      rspec-support (~> 3.9.0)
    rspec-support (3.9.2)
    safe_yaml (1.0.5)
    serverspec (2.41.5)
      multi_json
      rspec (~> 3.0)
      rspec-its
      specinfra (~> 2.72)
    sfl (2.3)
    specinfra (2.82.8)
      net-scp
      net-ssh (>= 2.7)
      net-telnet (= 0.1.1)
      sfl
    test-kitchen (1.8.0)
      mixlib-install (~> 1.0, >= 1.0.4)
      mixlib-shellout (>= 1.2, < 3.0)
      net-scp (~> 1.1)
      net-ssh (>= 2.9, < 4.0)
      safe_yaml (~> 1.0)
      thor (~> 0.18)
    thor (0.20.3)

PLATFORMS
  ruby

DEPENDENCIES
  kitchen-ansible
  kitchen-docker
  kitchen-verifier-serverspec
  net-ssh
  serverspec
  test-kitchen (~> 1.8.0)

BUNDLED WITH
   2.0.2
